{
	"Modality": "MR",
	"MagneticFieldStrength": 3,
	"ImagingFrequency": 123.142,
	"Manufacturer": "Siemens",
	"ManufacturersModelName": "Prisma_fit",
	"InstitutionName": "UCSB_Brain_Imaging_Center",
	"InstitutionalDepartmentName": "Psych_Department",
	"ProtocolName": "t2_tse_tra_hi-res_hippocampus",
	"ScanningSequence": "SE",
	"SequenceVariant": "SK_SP_OSP",
	"SequenceName": "_tse2d1_15",
	"ImageType": ["ORIGINAL", "PRIMARY", "M", "NORM", "DIS3D", "DIS2D"],
	"SeriesNumber": 11,
	"AcquisitionTime": "14:15:9.955000",
	"AcquisitionDateTime": "2019-07-22T14:15:9.955000",
	"AcquisitionNumber": 1,
	"SliceThickness": 2,
	"SpacingBetweenSlices": 2,
	"SAR": 0.228582,
	"EchoTime": 0.05,
	"RepetitionTime": 9.86,
	"FlipAngle": 122,
	"PartialFourier": 1,
	"BaseResolution": 448,
	"ShimSetting": [
		-4139,
		1324,
		-6082,
		67,
		12,
		-3,
		-23,
		15	],
	"TxRefAmp": 213.696,
	"PhaseResolution": 1,
	"PhaseOversampling": 1,
	"ReceiveCoilName": "HeadNeck_64",
	"ReceiveCoilActiveElements": "HC1-7",
	"PulseSequenceDetails": "%SiemensSeq%_tse",
	"RefLinesPE": 34,
	"ConsistencyInfo": "N4_VE11C_LATEST_20160120",
	"PercentPhaseFOV": 100,
	"EchoTrainLength": 15,
	"PhaseEncodingSteps": 895,
	"AcquisitionMatrixPE": 448,
	"ReconMatrixPE": 448,
	"ParallelReductionFactorInPlane": 2,
	"PixelBandwidth": 100,
	"DwellTime": 1.12e-05,
	"PhaseEncodingDirection": "i",
	"SliceTiming": [
		4.92188,
		0,
		5.1875,
		0.25,
		5.4375,
		0.51563,
		5.70313,
		0.76563,
		5.96875,
		1.03125,
		6.21875,
		1.29688,
		6.48438,
		1.54688,
		6.73438,
		1.8125,
		7,
		2.0625,
		7.26563,
		2.32813,
		7.51563,
		2.59375,
		7.78125,
		2.84375,
		8.03125,
		3.10938,
		8.29688,
		3.35938,
		8.5625,
		3.625,
		8.8125,
		3.89063,
		9.07813,
		4.14063,
		9.32813,
		4.40625,
		9.59375,
		4.65625	],
	"ImageOrientationPatientDICOM": [
		0.999553,
		0.0298997,
		1.59204e-10,
		-0.0104221,
		0.348414,
		-0.937283	],
	"InPlanePhaseEncodingDirectionDICOM": "ROW",
	"ConversionSoftware": "dcm2niix",
	"ConversionSoftwareVersion": "v1.0.20190902"
}
