{
	"Modality": "MR",
	"MagneticFieldStrength": 3,
	"ImagingFrequency": 123.163,
	"Manufacturer": "Siemens",
	"ManufacturersModelName": "Prisma_fit",
	"InstitutionName": "UCSB_Psychology_and_Brain_Imaging",
	"InstitutionalDepartmentName": "Psych_Department",
	"ProtocolName": "t2_tse_tra_hi-res_hippocampus",
	"ScanningSequence": "SE",
	"SequenceVariant": "SK_SP_OSP",
	"SequenceName": "_tse2d1_15",
	"ImageType": ["ORIGINAL", "PRIMARY", "M", "NORM", "DIS3D", "DIS2D"],
	"SeriesNumber": 13,
	"AcquisitionTime": "13:15:45.137500",
	"AcquisitionDateTime": "2018-07-23T13:15:45.137500",
	"AcquisitionNumber": 1,
	"SliceThickness": 2,
	"SpacingBetweenSlices": 2,
	"SAR": 0.244361,
	"EchoTime": 0.05,
	"RepetitionTime": 8.1,
	"FlipAngle": 122,
	"PartialFourier": 1,
	"BaseResolution": 448,
	"ShimSetting": [
		-4139,
		1324,
		-6082,
		67,
		12,
		-3,
		-23,
		15	],
	"TxRefAmp": 214.397,
	"PhaseResolution": 1,
	"PhaseOversampling": 1,
	"ReceiveCoilName": "HeadNeck_64",
	"ReceiveCoilActiveElements": "HC1-7",
	"PulseSequenceDetails": "%SiemensSeq%_tse",
	"RefLinesPE": 34,
	"ConsistencyInfo": "N4_VD13D_LATEST_20130810",
	"PercentPhaseFOV": 100,
	"EchoTrainLength": 15,
	"PhaseEncodingSteps": 895,
	"AcquisitionMatrixPE": 448,
	"ReconMatrixPE": 448,
	"ParallelReductionFactorInPlane": 2,
	"PixelBandwidth": 100,
	"DwellTime": 1.12e-05,
	"PhaseEncodingDirection": "i",
	"SliceTiming": [
		0,
		4.17188,
		0.26563,
		4.4375,
		0.51563,
		4.70313,
		0.78125,
		4.96875,
		1.04688,
		5.21875,
		1.29688,
		5.48438,
		1.5625,
		5.75,
		1.82813,
		6,
		2.09375,
		6.26563,
		2.34375,
		6.53125,
		2.60938,
		6.79688,
		2.875,
		7.04688,
		3.14063,
		7.3125,
		3.39063,
		7.57813,
		3.65625,
		7.84375,
		3.92188	],
	"ImageOrientationPatientDICOM": [
		0.998695,
		0.0510766,
		2.5433e-09,
		-0.0183713,
		0.359212,
		-0.933075	],
	"InPlanePhaseEncodingDirectionDICOM": "ROW",
	"ConversionSoftware": "dcm2niix",
	"ConversionSoftwareVersion": "v1.0.20190902"
}
