{
	"Modality": "MR",
	"MagneticFieldStrength": 3,
	"ImagingFrequency": 123.142,
	"Manufacturer": "Siemens",
	"ManufacturersModelName": "Prisma_fit",
	"InstitutionName": "UCSB_Psychology_and_Brain_Imaging",
	"InstitutionalDepartmentName": "Psych_Department",
	"ProtocolName": "t2_tse_tra_hi-res_hippocampus",
	"ScanningSequence": "SE",
	"SequenceVariant": "SK_SP_OSP",
	"SequenceName": "_tse2d1_15",
	"ImageType": ["ORIGINAL", "PRIMARY", "M", "NORM", "DIS3D", "DIS2D"],
	"SeriesNumber": 8,
	"AcquisitionTime": "13:12:52.130000",
	"AcquisitionDateTime": "2019-07-31T13:12:52.130000",
	"AcquisitionNumber": 1,
	"SliceThickness": 2,
	"SpacingBetweenSlices": 2,
	"SAR": 0.203068,
	"EchoTime": 0.05,
	"RepetitionTime": 9.86,
	"FlipAngle": 122,
	"PartialFourier": 1,
	"BaseResolution": 448,
	"ShimSetting": [
		-4139,
		1324,
		-6082,
		67,
		12,
		-3,
		-23,
		15	],
	"TxRefAmp": 207.906,
	"PhaseResolution": 1,
	"PhaseOversampling": 1,
	"ReceiveCoilName": "HeadNeck_64",
	"ReceiveCoilActiveElements": "HC1-7",
	"PulseSequenceDetails": "%SiemensSeq%_tse",
	"RefLinesPE": 34,
	"ConsistencyInfo": "N4_VE11C_LATEST_20160120",
	"PercentPhaseFOV": 100,
	"EchoTrainLength": 15,
	"PhaseEncodingSteps": 895,
	"AcquisitionMatrixPE": 448,
	"ReconMatrixPE": 448,
	"ParallelReductionFactorInPlane": 2,
	"PixelBandwidth": 100,
	"DwellTime": 1.12e-05,
	"PhaseEncodingDirection": "i",
	"SliceTiming": [
		4.92188,
		0,
		5.1875,
		0.25,
		5.45313,
		0.51563,
		5.70313,
		0.78125,
		5.96875,
		1.03125,
		6.21875,
		1.29688,
		6.48438,
		1.54688,
		6.75,
		1.8125,
		7,
		2.07813,
		7.26563,
		2.32813,
		7.51563,
		2.59375,
		7.78125,
		2.85938,
		8.04688,
		3.10938,
		8.29688,
		3.375,
		8.5625,
		3.625,
		8.8125,
		3.89063,
		9.07813,
		4.15625,
		9.34375,
		4.40625,
		9.59375,
		4.67188	],
	"ImageOrientationPatientDICOM": [
		0.999553,
		0.0298997,
		1.59204e-10,
		-0.0104221,
		0.348414,
		-0.937283	],
	"InPlanePhaseEncodingDirectionDICOM": "ROW",
	"ConversionSoftware": "dcm2niix",
	"ConversionSoftwareVersion": "v1.0.20190902"
}
