{
	"Modality": "MR",
	"MagneticFieldStrength": 3,
	"ImagingFrequency": 123.162,
	"Manufacturer": "Siemens",
	"ManufacturersModelName": "Prisma_fit",
	"InstitutionName": "UCSB_Brain_Imaging_Center",
	"InstitutionalDepartmentName": "Psych_Department",
	"ProtocolName": "t2_tse_tra_hi-res_hippocampus",
	"ScanningSequence": "SE",
	"SequenceVariant": "SK_SP_OSP",
	"SequenceName": "_tse2d1_15",
	"ImageType": ["ORIGINAL", "PRIMARY", "M", "NORM", "DIS3D", "DIS2D"],
	"SeriesNumber": 11,
	"AcquisitionTime": "12:03:41.867500",
	"AcquisitionDateTime": "2018-08-07T12:03:41.867500",
	"AcquisitionNumber": 1,
	"SliceThickness": 2,
	"SpacingBetweenSlices": 2,
	"SAR": 0.23068,
	"EchoTime": 0.05,
	"RepetitionTime": 8.1,
	"FlipAngle": 122,
	"PartialFourier": 1,
	"BaseResolution": 448,
	"ShimSetting": [
		-4139,
		1324,
		-6082,
		67,
		12,
		-3,
		-23,
		15	],
	"TxRefAmp": 210.956,
	"PhaseResolution": 1,
	"PhaseOversampling": 1,
	"ReceiveCoilName": "HeadNeck_64",
	"ReceiveCoilActiveElements": "HC1-7",
	"PulseSequenceDetails": "%SiemensSeq%_tse",
	"RefLinesPE": 34,
	"ConsistencyInfo": "N4_VD13D_LATEST_20130810",
	"PercentPhaseFOV": 100,
	"EchoTrainLength": 15,
	"PhaseEncodingSteps": 895,
	"AcquisitionMatrixPE": 448,
	"ReconMatrixPE": 448,
	"ParallelReductionFactorInPlane": 2,
	"PixelBandwidth": 100,
	"DwellTime": 1.12e-05,
	"PhaseEncodingDirection": "i",
	"SliceTiming": [
		0,
		4.17969,
		0.26563,
		4.44531,
		0.52344,
		4.70313,
		0.78906,
		4.96875,
		1.04688,
		5.22656,
		1.30469,
		5.48438,
		1.57031,
		5.75,
		1.82813,
		6.00781,
		2.09375,
		6.27344,
		2.35156,
		6.53125,
		2.60938,
		6.79688,
		2.875,
		7.05469,
		3.13281,
		7.32031,
		3.39844,
		7.57813,
		3.65625,
		7.84375,
		3.92188	],
	"ImageOrientationPatientDICOM": [
		0.998695,
		0.0510766,
		2.5433e-09,
		-0.0183713,
		0.359212,
		-0.933075	],
	"InPlanePhaseEncodingDirectionDICOM": "ROW",
	"ConversionSoftware": "dcm2niix",
	"ConversionSoftwareVersion": "v1.0.20190902"
}
