{
	"Modality": "MR",
	"MagneticFieldStrength": 3,
	"ImagingFrequency": 123.164,
	"Manufacturer": "Siemens",
	"BodyPartExamined": "HEAD",
	"PatientPosition": "HFS",
	"SoftwareVersions": "syngo_MR_D13D",
	"MRAcquisitionType": "2D",
	"ScanningSequence": "GR",
	"SequenceVariant": "SP",
	"SequenceName": "_fm2d2r",
	"ImageType": ["ORIGINAL", "PRIMARY", "M", "ND"],
	"AcquisitionNumber": 1,
	"SliceThickness": 2,
	"SpacingBetweenSlices": 2,
	"SAR": 0.101933,
	"EchoNumber": 1,
	"EchoTime": 0.00492,
	"RepetitionTime": 0.758,
	"FlipAngle": 60,
	"PartialFourier": 1,
	"BaseResolution": 104,
	"ShimSetting": [
		-4134,
		1373,
		-5894,
		370,
		18,
		-38,
		-1,
		-12	],
	"TxRefAmp": 218.809,
	"PhaseResolution": 1,
	"ReceiveCoilName": "HeadNeck_64",
	"ReceiveCoilActiveElements": "HC1-7",
	"ConsistencyInfo": "N4_VD13D_LATEST_20130810",
	"PercentPhaseFOV": 100,
	"PhaseEncodingSteps": 104,
	"AcquisitionMatrixPE": 104,
	"ReconMatrixPE": 104,
	"PixelBandwidth": 600,
	"DwellTime": 8e-06,
	"PhaseEncodingDirection": "j-",
	"SliceTiming": [
		0.375,
		0,
		0.38281,
		0.00781,
		0.39844,
		0.01563,
		0.40625,
		0.03125,
		0.41406,
		0.03906,
		0.42969,
		0.04688,
		0.4375,
		0.0625,
		0.44531,
		0.07031,
		0.46094,
		0.07813,
		0.46875,
		0.09375,
		0.48438,
		0.10156,
		0.49219,
		0.10938,
		0.5,
		0.125,
		0.50781,
		0.13281,
		0.52344,
		0.14063,
		0.53125,
		0.15625,
		0.54688,
		0.16406,
		0.55469,
		0.17969,
		0.5625,
		0.1875,
		0.57031,
		0.19531,
		0.58594,
		0.20313,
		0.59375,
		0.21875,
		0.60938,
		0.22656,
		0.61719,
		0.24219,
		0.625,
		0.25,
		0.64063,
		0.25781,
		0.64844,
		0.26563,
		0.65625,
		0.28125,
		0.67188,
		0.28906,
		0.67969,
		0.30469,
		0.6875,
		0.3125,
		0.70313,
		0.32031,
		0.71094,
		0.33594,
		0.71875,
		0.34375,
		0.73438,
		0.35156,
		0.74219,
		0.36719	],
	"ImageOrientationPatientDICOM": [
		0.999993,
		0.000732626,
		0.00376824,
		-3.53214e-08,
		0.981621,
		-0.190839	],
	"InPlanePhaseEncodingDirectionDICOM": "COL",
	"ConversionSoftware": "dcm2niix",
	"ConversionSoftwareVersion": "v1.0.20190902"
}
