{
	"Modality": "MR",
	"MagneticFieldStrength": 3,
	"ImagingFrequency": 123.141,
	"Manufacturer": "Siemens",
	"ManufacturersModelName": "Prisma_fit",
	"InstitutionName": "UCSB_Psychology_and_Brain_Imaging",
	"InstitutionalDepartmentName": "Psych_Department",
	"SoftwareVersions": "syngo_MR_E11",
	"MRAcquisitionType": "2D",
	"SeriesDescription": "gre_field_mapping_2mm",
	"ProtocolName": "gre_field_mapping_2mm",
	"ScanningSequence": "GR",
	"SequenceVariant": "SP",
	"SequenceName": "_fm2d2r",
	"ImageType": ["ORIGINAL", "PRIMARY", "M", "ND"],
	"SeriesNumber": 3,
	"AcquisitionNumber": 1,
	"SliceThickness": 2,
	"SpacingBetweenSlices": 2,
	"SAR": 0.0823713,
	"EchoNumber": 1,
	"EchoTime": 0.00492,
	"RepetitionTime": 0.758,
	"FlipAngle": 60,
	"PartialFourier": 1,
	"BaseResolution": 104,
	"ShimSetting": [
		-4130,
		1360,
		-5860,
		508,
		-38,
		-34,
		10,
		0	],
	"TxRefAmp": 212.504,
	"PhaseResolution": 1,
	"ReceiveCoilName": "HeadNeck_64",
	"ReceiveCoilActiveElements": "HC1-7",
	"PulseSequenceDetails": "%SiemensSeq%_gre_field_mapping",
	"ConsistencyInfo": "N4_VE11C_LATEST_20160120",
	"PercentPhaseFOV": 100,
	"PhaseEncodingSteps": 104,
	"AcquisitionMatrixPE": 104,
	"ReconMatrixPE": 104,
	"PixelBandwidth": 600,
	"DwellTime": 8e-06,
	"PhaseEncodingDirection": "j-",
	"SliceTiming": [
		0.375,
		0,
		0.39063,
		0.00781,
		0.39844,
		0.01563,
		0.40625,
		0.03125,
		0.41406,
		0.03906,
		0.42969,
		0.04688,
		0.4375,
		0.0625,
		0.45313,
		0.07031,
		0.46094,
		0.08594,
		0.46875,
		0.09375,
		0.47656,
		0.10156,
		0.49219,
		0.10938,
		0.5,
		0.125,
		0.51563,
		0.13281,
		0.52344,
		0.14844,
		0.53125,
		0.15625,
		0.54688,
		0.16406,
		0.55469,
		0.17188,
		0.5625,
		0.1875,
		0.57813,
		0.19531,
		0.58594,
		0.21094,
		0.59375,
		0.21875,
		0.60938,
		0.22656,
		0.61719,
		0.24219,
		0.625,
		0.25,
		0.64063,
		0.25781,
		0.64844,
		0.27344,
		0.65625,
		0.28125,
		0.67188,
		0.28906,
		0.67969,
		0.30469,
		0.69531,
		0.3125,
		0.70313,
		0.32031,
		0.71094,
		0.33594,
		0.71875,
		0.34375,
		0.73438,
		0.35156,
		0.74219,
		0.36719	],
	"ImageOrientationPatientDICOM": [
		1,
		3.39937e-05,
		0.0002768,
		2.59872e-09,
		0.992542,
		-0.121903	],
	"InPlanePhaseEncodingDirectionDICOM": "COL",
	"ConversionSoftware": "dcm2niix",
	"ConversionSoftwareVersion": "v1.0.20190902"
}
