{
	"SeriesDescription": "t1_mprage_0.8mm",
	"ImageType": "ORIGINAL\\PRIMARY\\M\\ND\\NORM",
	"Modality": "MR",
	"RepetitionTime": 2.5,
	"PhaseEncodingDirection": "y-",
	"EchoTime": 0.00231,
	"InversionTime": 0.934,
	"PatientPosition": "HFS",
	"SliceThickness": 0.79999995,
	"FlipAngle": 7,
	"Manufacturer": "SIEMENS",
	"MRAcquisitionType": "3D",
	"ScanningSequence": "GR\\IR",
	"SequenceVariant": "SK\\SP\\MP\\OSP",
	"ScanOptions": "IR\\WE",
	"SequenceName": "*tfl3d1_16ns"
}
