{
	"Modality": "MR",
	"MagneticFieldStrength": 3,
	"ImagingFrequency": 123.141,
	"Manufacturer": "Siemens",
	"ManufacturersModelName": "Prisma_fit",
	"InstitutionName": "UCSB_Psychology_and_Brain_Imaging",
	"InstitutionalDepartmentName": "Psych_Department",
	"InstitutionAddress": "UCEN_Rd_551_Bldg_251_Isla_Vista_Los_Angeles_US_93117",
	"DeviceSerialNumber": "67022",
	"StationName": "MRC35273",
	"SeriesInstanceUID": "1.3.12.2.1107.5.2.43.67022.2019080313282645823624777.0.0.0",
	"StudyInstanceUID": "1.3.12.2.1107.5.2.43.67022.30000019080319261523500000001",
	"StudyID": "1",
	"PatientName": "Pritschet_28OCLP",
	"PatientID": "03aug19_28OCLP",
	"PatientBirthDate": "1995-01-01",
	"PatientSex": "F",
	"PatientWeight": 68.0389,
	"BodyPartExamined": "HEAD",
	"PatientPosition": "HFS",
	"ProcedureStepDescription": "Jacobs_Pritschet",
	"SoftwareVersions": "syngo_MR_E11",
	"MRAcquisitionType": "2D",
	"SeriesDescription": "t2_tse_tra_hi-res_hippocampus",
	"ProtocolName": "t2_tse_tra_hi-res_hippocampus",
	"ScanningSequence": "SE",
	"SequenceVariant": "SK_SP_OSP",
	"SequenceName": "_tse2d1_15",
	"ImageType": ["ORIGINAL", "PRIMARY", "M", "NORM", "DIS3D", "DIS2D"],
	"SeriesNumber": 12,
	"AcquisitionTime": "13:23:22.090000",
	"AcquisitionDateTime": "2019-08-03T13:23:22.090000",
	"AcquisitionNumber": 1,
	"SliceThickness": 2,
	"SpacingBetweenSlices": 2,
	"SAR": 0.239895,
	"EchoTime": 0.05,
	"RepetitionTime": 9.86,
	"FlipAngle": 122,
	"PartialFourier": 1,
	"BaseResolution": 448,
	"ShimSetting": [
		-4139,
		1324,
		-6082,
		67,
		12,
		-3,
		-23,
		15	],
	"TxRefAmp": 217.766,
	"PhaseResolution": 1,
	"PhaseOversampling": 1,
	"ReceiveCoilName": "HeadNeck_64",
	"ReceiveCoilActiveElements": "HC1-7",
	"PulseSequenceDetails": "%SiemensSeq%_tse",
	"RefLinesPE": 34,
	"ConsistencyInfo": "N4_VE11C_LATEST_20160120",
	"PercentPhaseFOV": 100,
	"EchoTrainLength": 15,
	"PhaseEncodingSteps": 895,
	"AcquisitionMatrixPE": 448,
	"ReconMatrixPE": 448,
	"ParallelReductionFactorInPlane": 2,
	"PixelBandwidth": 100,
	"DwellTime": 1.12e-05,
	"PhaseEncodingDirection": "i",
	"SliceTiming": [
		4.9375,
		0,
		5.1875,
		0.26563,
		5.45313,
		0.53125,
		5.71875,
		0.78125,
		5.96875,
		1.04688,
		6.23438,
		1.29688,
		6.48438,
		1.5625,
		6.75,
		1.82813,
		7.01563,
		2.07813,
		7.26563,
		2.34375,
		7.53125,
		2.59375,
		7.78125,
		2.85938,
		8.04688,
		3.125,
		8.3125,
		3.375,
		8.5625,
		3.64063,
		8.82813,
		3.89063,
		9.09375,
		4.15625,
		9.34375,
		4.40625,
		9.60938,
		4.67188	],
	"ImageOrientationPatientDICOM": [
		0.999553,
		0.0298997,
		1.59204e-10,
		-0.0104221,
		0.348414,
		-0.937283	],
	"InPlanePhaseEncodingDirectionDICOM": "ROW",
	"ConversionSoftware": "dcm2niix",
	"ConversionSoftwareVersion": "v1.0.20190902"
}
