{
	"Modality": "MR",
	"MagneticFieldStrength": 3,
	"ImagingFrequency": 123.141,
	"Manufacturer": "Siemens",
	"ManufacturersModelName": "Prisma_fit",
	"InstitutionName": "UCSB_Psychology_and_Brain_Imaging",
	"InstitutionalDepartmentName": "Psych_Department",
	"ProtocolName": "t2_tse_tra_hi-res_hippocampus",
	"ScanningSequence": "SE",
	"SequenceVariant": "SK_SP_OSP",
	"SequenceName": "_tse2d1_15",
	"ImageType": ["ORIGINAL", "PRIMARY", "M", "NORM", "DIS3D", "DIS2D"],
	"SeriesNumber": 7,
	"AcquisitionTime": "13:00:12.592500",
	"AcquisitionDateTime": "2019-08-09T13:00:12.592500",
	"AcquisitionNumber": 1,
	"SliceThickness": 2,
	"SpacingBetweenSlices": 2,
	"SAR": 0.229617,
	"EchoTime": 0.05,
	"RepetitionTime": 9.86,
	"FlipAngle": 122,
	"PartialFourier": 1,
	"BaseResolution": 448,
	"ShimSetting": [
		-4139,
		1324,
		-6082,
		67,
		12,
		-3,
		-23,
		15	],
	"TxRefAmp": 215.349,
	"PhaseResolution": 1,
	"PhaseOversampling": 1,
	"ReceiveCoilName": "HeadNeck_64",
	"ReceiveCoilActiveElements": "HC1-7",
	"PulseSequenceDetails": "%SiemensSeq%_tse",
	"RefLinesPE": 34,
	"ConsistencyInfo": "N4_VE11C_LATEST_20160120",
	"PercentPhaseFOV": 100,
	"EchoTrainLength": 15,
	"PhaseEncodingSteps": 895,
	"AcquisitionMatrixPE": 448,
	"ReconMatrixPE": 448,
	"ParallelReductionFactorInPlane": 2,
	"PixelBandwidth": 100,
	"DwellTime": 1.12e-05,
	"PhaseEncodingDirection": "i",
	"SliceTiming": [
		4.92969,
		0,
		5.1875,
		0.25781,
		5.44531,
		0.51563,
		5.70313,
		0.77344,
		5.96875,
		1.03906,
		6.22656,
		1.29688,
		6.48438,
		1.55469,
		6.74219,
		1.8125,
		7,
		2.07031,
		7.26563,
		2.33594,
		7.52344,
		2.59375,
		7.78125,
		2.85156,
		8.03906,
		3.10938,
		8.30469,
		3.36719,
		8.5625,
		3.63281,
		8.82031,
		3.89063,
		9.07813,
		4.14844,
		9.33594,
		4.40625,
		9.60156,
		4.67188	],
	"ImageOrientationPatientDICOM": [
		0.999553,
		0.0298997,
		1.59204e-10,
		-0.0104221,
		0.348414,
		-0.937283	],
	"InPlanePhaseEncodingDirectionDICOM": "ROW",
	"ConversionSoftware": "dcm2niix",
	"ConversionSoftwareVersion": "v1.0.20190902"
}
