{
	"Modality": "MR",
	"MagneticFieldStrength": 3,
	"ImagingFrequency": 123.164,
	"Manufacturer": "Siemens",
	"PatientPosition": "HFS",
	"ScanningSequence": "GR",
	"SequenceVariant": "SP",
	"SliceThickness": 2,
	"SpacingBetweenSlices": 2,
	"SAR": 0.101933,
	"EchoNumber": 2,
	"EchoTime1" : 0.00492,
	"EchoTime2": 0.00738,
	"RepetitionTime": 0.758,
	"FlipAngle": 60,
	"PartialFourier": 1,
	"BaseResolution": 104,
	"ShimSetting": [
		-4134,
		1373,
		-5894,
		370,
		18,
		-38,
		-1,
		-12	],
	"TxRefAmp": 218.809,
	"PhaseResolution": 1,
	"ReceiveCoilName": "HeadNeck_64",
	"ReceiveCoilActiveElements": "HC1-7",
	"PulseSequenceDetails": "%SiemensSeq%_gre_field_mapping",
	"ConsistencyInfo": "N4_VD13D_LATEST_20130810",
	"PercentPhaseFOV": 100,
	"PhaseEncodingSteps": 104,
	"AcquisitionMatrixPE": 104,
	"ReconMatrixPE": 104,
	"PixelBandwidth": 600,
	"DwellTime": 8e-06,
	"PhaseEncodingDirection": "j-",
	"SliceTiming": [
		0.375,
		0,
		0.39063,
		0.00781,
		0.39844,
		0.02344,
		0.40625,
		0.03125,
		0.42188,
		0.03906,
		0.42969,
		0.05469,
		0.4375,
		0.0625,
		0.45313,
		0.07031,
		0.46094,
		0.08594,
		0.47656,
		0.09375,
		0.48438,
		0.10156,
		0.49219,
		0.11719,
		0.5,
		0.125,
		0.51563,
		0.13281,
		0.52344,
		0.14844,
		0.53906,
		0.15625,
		0.54688,
		0.17188,
		0.55469,
		0.17969,
		0.5625,
		0.1875,
		0.57813,
		0.19531,
		0.58594,
		0.21094,
		0.60156,
		0.21875,
		0.60938,
		0.23438,
		0.61719,
		0.24219,
		0.63281,
		0.25,
		0.64063,
		0.25781,
		0.64844,
		0.27344,
		0.66406,
		0.28125,
		0.67188,
		0.29688,
		0.67969,
		0.30469,
		0.69531,
		0.3125,
		0.70313,
		0.32813,
		0.71094,
		0.33594,
		0.72656,
		0.34375,
		0.73438,
		0.35938,
		0.74219,
		0.36719	],
	"ImageOrientationPatientDICOM": [
		0.999993,
		0.000732626,
		0.00376824,
		-3.53214e-08,
		0.981621,
		-0.190839	],
	"InPlanePhaseEncodingDirectionDICOM": "COL",
	"ConversionSoftware": "dcm2niix",
	"ConversionSoftwareVersion": "v1.0.20190902"
}
