{
	"Modality": "MR",
	"MagneticFieldStrength": 3,
	"ImagingFrequency": 123.141,
	"Manufacturer": "Siemens",
	"ManufacturersModelName": "Prisma_fit",
	"InstitutionName": "UCSB_Psychology_and_Brain_Imaging",
	"InstitutionalDepartmentName": "Psych_Department",
	"ProtocolName": "t2_tse_tra_hi-res_hippocampus",
	"ScanningSequence": "SE",
	"SequenceVariant": "SK_SP_OSP",
	"SequenceName": "_tse2d1_15",
	"ImageType": ["ORIGINAL", "PRIMARY", "M", "NORM", "DIS3D", "DIS2D"],
	"SeriesNumber": 7,
	"AcquisitionTime": "12:53:16.340000",
	"AcquisitionDateTime": "2019-08-07T12:53:16.340000",
	"AcquisitionNumber": 1,
	"SliceThickness": 2,
	"SpacingBetweenSlices": 2,
	"SAR": 0.243513,
	"EchoTime": 0.05,
	"RepetitionTime": 9.86,
	"FlipAngle": 122,
	"PartialFourier": 1,
	"BaseResolution": 448,
	"ShimSetting": [
		-4139,
		1324,
		-6082,
		67,
		12,
		-3,
		-23,
		15	],
	"TxRefAmp": 218.453,
	"PhaseResolution": 1,
	"PhaseOversampling": 1,
	"ReceiveCoilName": "HeadNeck_64",
	"ReceiveCoilActiveElements": "HC1-7",
	"PulseSequenceDetails": "%SiemensSeq%_tse",
	"RefLinesPE": 34,
	"ConsistencyInfo": "N4_VE11C_LATEST_20160120",
	"PercentPhaseFOV": 100,
	"EchoTrainLength": 15,
	"PhaseEncodingSteps": 895,
	"AcquisitionMatrixPE": 448,
	"ReconMatrixPE": 448,
	"ParallelReductionFactorInPlane": 2,
	"PixelBandwidth": 100,
	"DwellTime": 1.12e-05,
	"PhaseEncodingDirection": "i",
	"SliceTiming": [
		4.9375,
		0,
		5.19531,
		0.26563,
		5.45313,
		0.52344,
		5.71094,
		0.78125,
		5.96875,
		1.03906,
		6.23438,
		1.30469,
		6.49219,
		1.5625,
		6.75,
		1.82031,
		7.00781,
		2.07813,
		7.26563,
		2.33594,
		7.53125,
		2.60156,
		7.78906,
		2.85938,
		8.04688,
		3.11719,
		8.30469,
		3.375,
		8.5625,
		3.63281,
		8.82813,
		3.89844,
		9.08594,
		4.15625,
		9.34375,
		4.41406,
		9.60156,
		4.67188	],
	"ImageOrientationPatientDICOM": [
		0.999553,
		0.0298997,
		1.59204e-10,
		-0.0104221,
		0.348414,
		-0.937283	],
	"InPlanePhaseEncodingDirectionDICOM": "ROW",
	"ConversionSoftware": "dcm2niix",
	"ConversionSoftwareVersion": "v1.0.20190902"
}
