{
	"TaskName" : "rest",
	"Modality": "MR",
	"MagneticFieldStrength": 3,
	"Manufacturer": "Siemens",
	"PatientSex": "F",
	"PatientPosition": "HFS",
	"SoftwareVersions": "syngo_MR_D13D",
	"SliceThickness": 2,
	"SpacingBetweenSlices": 2,
	"SAR": 0.143686,
	"EchoTime": 0.037,
	"RepetitionTime": 0.72,
	"FlipAngle": 52,
	"PartialFourier": 0.875,
	"BaseResolution": 104,
	"ShimSetting": [
		-4134,
		1373,
		-5894,
		370,
		18,
		-38,
		-1,
		-12	],
	"TxRefAmp": 218.809,
	"PhaseResolution": 1,
	"ReceiveCoilName": "HeadNeck_64",
	"MultibandAccelerationFactor": 8,
	"PercentPhaseFOV": 100,
	"EchoTrainLength": 91,
	"PhaseEncodingSteps": 91,
	"AcquisitionMatrixPE": 104,
	"ReconMatrixPE": 104,
	"BandwidthPerPixelPhaseEncode": 16.578,
	"EffectiveEchoSpacing": 0.000580009,
	"DerivedVendorReportedEchoSpacing": 0.000580009,
	"TotalReadoutTime": 0.0597409,
	"PixelBandwidth": 2290,
	"DwellTime": 2.1e-06,
	"PhaseEncodingDirection": "j",
	"SliceTiming": [
		0,
		0.39,
		0.0775,
		0.4675,
		0.1575,
		0.545,
		0.235,
		0.6225,
		0.3125,
		0,
		0.39,
		0.0775,
		0.4675,
		0.1575,
		0.545,
		0.235,
		0.6225,
		0.3125,
		0,
		0.39,
		0.0775,
		0.4675,
		0.1575,
		0.545,
		0.235,
		0.6225,
		0.3125,
		0,
		0.39,
		0.0775,
		0.4675,
		0.1575,
		0.545,
		0.235,
		0.6225,
		0.3125,
		0,
		0.39,
		0.0775,
		0.4675,
		0.1575,
		0.545,
		0.235,
		0.6225,
		0.3125,
		0,
		0.39,
		0.0775,
		0.4675,
		0.1575,
		0.545,
		0.235,
		0.6225,
		0.3125,
		0,
		0.39,
		0.0775,
		0.4675,
		0.1575,
		0.545,
		0.235,
		0.6225,
		0.3125,
		0,
		0.39,
		0.0775,
		0.4675,
		0.1575,
		0.545,
		0.235,
		0.6225,
		0.3125	],
	"ImageOrientationPatientDICOM": [
		0.999993,
		0.000732626,
		0.00376824,
		-3.53214e-08,
		0.981621,
		-0.190839	],
	"InPlanePhaseEncodingDirectionDICOM": "COL",
	"ConversionSoftware": "dcm2niix",
	"ConversionSoftwareVersion": "v1.0.20190902"
}
